GEM
  remote: https://rubygems.org/
  specs:
    rack (2.2.7)
    rulers (0.0.1)
      rack (~> 2.2)
      webrick
    webrick (1.8.1)

PLATFORMS
  x86_64-darwin-19

DEPENDENCIES
  rulers

BUNDLED WITH
   2.2.14
